GEM
  remote: https://rubygems.org/
  specs:
    middleman-gh-pages (0.0.3)
      rake (> 0.9.3)
    rake (10.2.2)

PLATFORMS
  ruby

DEPENDENCIES
  middleman-gh-pages
